GEM
  remote: http://ruby.taobao.org/
  specs:
    sass (3.4.13)

PLATFORMS
  ruby

DEPENDENCIES
  sass
